GEM
  remote: https://rubygems.org/
  specs:

PLATFORMS
  java

DEPENDENCIES

RUBY VERSION
   ruby 2.3.3p0 (jruby 9.1.12.0)

BUNDLED WITH
   1.15.1
