GEM
  remote: https://rubygems.org/
  specs:
    coderay (1.1.1)
    diff-lcs (1.3)
    ffi (1.9.17-java)
    method_source (0.8.2)
    pry (0.10.4-java)
      coderay (~> 1.1.0)
      method_source (~> 0.8.1)
      slop (~> 3.4)
      spoon (~> 0.0)
    pry-debugger-jruby (1.1.0-java)
      pry (>= 0.10, < 0.11)
      ruby-debug-base (~> 0.10.4)
    puma (3.6.2-java)
    rspec (3.5.0)
      rspec-core (~> 3.5.0)
      rspec-expectations (~> 3.5.0)
      rspec-mocks (~> 3.5.0)
    rspec-core (3.5.4)
      rspec-support (~> 3.5.0)
    rspec-expectations (3.5.0)
      diff-lcs (>= 1.2.0, < 2.0)
      rspec-support (~> 3.5.0)
    rspec-mocks (3.5.0)
      diff-lcs (>= 1.2.0, < 2.0)
      rspec-support (~> 3.5.0)
    rspec-support (3.5.0)
    ruby-debug-base (0.10.6-java)
    slop (3.6.0)
    spoon (0.0.6)
      ffi

PLATFORMS
  java

DEPENDENCIES
  pry
  pry-debugger-jruby
  puma (~> 3.6, >= 3.6.2)
  rspec

RUBY VERSION
   ruby 2.3.1p0 (jruby 9.1.7.0)

BUNDLED WITH
   1.14.2
